GEM
  remote: https://rubygems.org/
  specs:
    digest-sha3-patched-ruby-3 (1.1.1)
    eth-patched (0.4.13)
      digest-sha3-patched-ruby-3 (~> 1.1)
      ffi (~> 1.0)
      money-tree (~> 0.10.0)
      rlp (~> 0.7.3)
      scrypt (~> 3.0.6)
    ffi (1.15.4)
    ffi-compiler (1.0.1)
      ffi (>= 1.0.0)
      rake
    hashie (4.1.0)
    money-tree (0.10.0)
      ffi
    omniauth (2.0.4)
      hashie (>= 3.4.6)
      rack (>= 1.6.2, < 3)
      rack-protection
    rack (2.2.3)
    rack-protection (2.1.0)
      rack
    rake (13.0.6)
    rlp (0.7.3)
    scrypt (3.0.7)
      ffi-compiler (>= 1.0, < 2.0)

PLATFORMS
  x86_64-linux

DEPENDENCIES
  eth-patched (>= 0.4.13)
  omniauth (>= 2.0)

BUNDLED WITH
   2.2.27
