PATH
  remote: .
  specs:
    omniauth-ethereum (0.2.0)
      eth (~> 0.5)
      omniauth (~> 2.1)

GEM
  remote: https://rubygems.org/
  specs:
    diff-lcs (1.5.0)
    eth (0.5.2)
      keccak (~> 1.3)
      konstructor (~> 1.0)
      openssl (~> 2.2)
      rbsecp256k1 (~> 5.1)
      scrypt (~> 3.0)
    ffi (1.15.5)
    ffi-compiler (1.0.1)
      ffi (>= 1.0.0)
      rake
    hashie (5.0.0)
    ipaddr (1.2.4)
    keccak (1.3.0)
    konstructor (1.0.2)
    mini_portile2 (2.8.0)
    omniauth (2.1.0)
      hashie (>= 3.4.6)
      rack (>= 2.2.3)
      rack-protection
    openssl (2.2.1)
      ipaddr
    pkg-config (1.4.7)
    rack (2.2.3)
    rack-protection (2.2.0)
      rack
    rack-test (1.1.0)
      rack (>= 1.0, < 3)
    rake (13.0.6)
    rbsecp256k1 (5.1.0)
      mini_portile2 (~> 2.7)
      pkg-config (~> 1.4)
      rubyzip (~> 2.3)
    rspec (3.11.0)
      rspec-core (~> 3.11.0)
      rspec-expectations (~> 3.11.0)
      rspec-mocks (~> 3.11.0)
    rspec-core (3.11.0)
      rspec-support (~> 3.11.0)
    rspec-expectations (3.11.0)
      diff-lcs (>= 1.2.0, < 2.0)
      rspec-support (~> 3.11.0)
    rspec-mocks (3.11.1)
      diff-lcs (>= 1.2.0, < 2.0)
      rspec-support (~> 3.11.0)
    rspec-support (3.11.0)
    rubyzip (2.3.2)
    scrypt (3.0.7)
      ffi-compiler (>= 1.0, < 2.0)

PLATFORMS
  x86_64-linux

DEPENDENCIES
  omniauth-ethereum!
  rack-test (~> 1.1)
  rspec (~> 3.11)

BUNDLED WITH
   2.2.28
