GEM
  remote: https://rubygems.org/
  specs:
    diff-lcs (1.4.4)
    eth (0.4.16)
      ffi (~> 1.15)
      keccak (~> 1.2)
      money-tree (~> 0.10)
      rlp (~> 0.7)
      scrypt (~> 3.0)
    ffi (1.15.4)
    ffi-compiler (1.0.1)
      ffi (>= 1.0.0)
      rake
    hashie (5.0.0)
    keccak (1.2.2)
    money-tree (0.10.0)
      ffi
    omniauth (2.0.4)
      hashie (>= 3.4.6)
      rack (>= 1.6.2, < 3)
      rack-protection
    rack (2.2.3)
    rack-protection (2.1.0)
      rack
    rack-test (1.1.0)
      rack (>= 1.0, < 3)
    rake (13.0.6)
    rlp (0.7.3)
    rspec (3.10.0)
      rspec-core (~> 3.10.0)
      rspec-expectations (~> 3.10.0)
      rspec-mocks (~> 3.10.0)
    rspec-core (3.10.1)
      rspec-support (~> 3.10.0)
    rspec-expectations (3.10.1)
      diff-lcs (>= 1.2.0, < 2.0)
      rspec-support (~> 3.10.0)
    rspec-mocks (3.10.2)
      diff-lcs (>= 1.2.0, < 2.0)
      rspec-support (~> 3.10.0)
    rspec-support (3.10.3)
    scrypt (3.0.7)
      ffi-compiler (>= 1.0, < 2.0)

PLATFORMS
  x86_64-darwin-19

DEPENDENCIES
  eth (>= 0.4.16)
  omniauth (>= 2.0)
  rack-test
  rspec (>= 3.10.0)

BUNDLED WITH
   2.2.27
